PATH
  remote: .
  specs:
    security (0.1.3)

GEM
  remote: https://rubygems.org/
  specs:
    rake (0.9.2.2)
    rspec (0.6.4)

PLATFORMS
  ruby

DEPENDENCIES
  rake (~> 0.9.2)
  rspec (~> 0.6.1)
  security!
