PATH
  remote: .
  specs:
    xcinvoke (0.3.0)
      liferaft (~> 0.0.6)

GEM
  remote: https://rubygems.org/
  specs:
    addressable (2.3.8)
    ast (2.3.0)
    bacon (1.2.0)
    crack (0.4.2)
      safe_yaml (~> 1.0.0)
    liferaft (0.0.6)
    metaclass (0.0.4)
    mocha (1.1.0)
      metaclass (~> 0.0.1)
    mocha-on-bacon (0.2.2)
      mocha (>= 0.13.0)
    parser (2.3.3.0)
      ast (~> 2.2)
    powerpack (0.1.1)
    prettybacon (0.0.2)
      bacon (~> 1.2)
    rainbow (2.1.0)
    rake (11.3.0)
    rubocop (0.46.0)
      parser (>= 2.3.1.1, < 3.0)
      powerpack (~> 0.1)
      rainbow (>= 1.99.1, < 3.0)
      ruby-progressbar (~> 1.7)
      unicode-display_width (~> 1.0, >= 1.0.1)
    ruby-progressbar (1.8.1)
    safe_yaml (1.0.4)
    unicode-display_width (1.1.1)
    webmock (1.21.0)
      addressable (>= 2.3.6)
      crack (>= 0.3.2)

PLATFORMS
  ruby

DEPENDENCIES
  bacon
  bundler (~> 1.13)
  mocha
  mocha-on-bacon
  prettybacon
  rake (~> 11.2)
  rubocop
  webmock
  xcinvoke!

BUNDLED WITH
   1.13.6
